PATH
  remote: .
  specs:
    deckard-sdk (0.0.1)

GEM
  remote: https://rubygems.org/
  specs:
    addressable (2.3.8)
    api-auth (1.3.1)
    domain_name (0.5.24)
      unf (>= 0.0.5, < 1.0.0)
    http-cookie (1.0.2)
      domain_name (~> 0.5)
    mime-types (2.6.1)
    netrc (0.10.3)
    rest-client (1.8.0)
      http-cookie (>= 1.0.2, < 2.0)
      mime-types (>= 1.16, < 3.0)
      netrc (~> 0.7)
    unf (0.1.4)
      unf_ext
    unf_ext (0.0.7.1)

PLATFORMS
  ruby

DEPENDENCIES
  addressable
  api-auth
  deckard-sdk!
  rest-client
